GIT
  remote: git://github.com/mongoid/mongoid
  revision: 78b1dd32a83a6616176cc95ca20b770be143f566
  specs:
    mongoid (2.0.0.beta.20)
      activemodel (~> 3.0)
      mongo (~> 1.1)
      tzinfo (~> 0.3.22)
      will_paginate (~> 3.0.pre)

GIT
  remote: git://github.com/sandal/prawn
  revision: b188b3d289ca6e35e3e32ef9cdfcacb1b3b62381
  submodules: true
  specs:
    prawn (0.11.1.pre)
      pdf-reader (>= 0.8.1)

GIT
  remote: git://github.com/sinatra/sinatra.git
  revision: 5d15ddf3a182379a8bcdcdbabbff30441e3b610d
  specs:
    sinatra (1.1.0)
      rack (~> 1.1)
      tilt (~> 1.1)

GEM
  remote: http://rubygems.org/
  specs:
    Ascii85 (1.0.0)
    activemodel (3.0.1)
      activesupport (= 3.0.1)
      builder (~> 2.1.2)
      i18n (~> 0.4.1)
    activesupport (3.0.1)
    bson (1.1.2)
    bson_ext (1.1.2)
    builder (2.1.2)
    compass (0.10.6)
      haml (>= 3.0.4)
    haml (3.0.23)
    i18n (0.4.2)
    mongo (1.1.2)
      bson (>= 1.1.1)
    mongoid_i18n (0.1.7)
      mongoid (>= 2.0.0.beta.9)
    pdf-reader (0.8.6)
      Ascii85 (>= 0.9)
    rack (1.2.1)
    rack-flash (0.1.1)
      rack
    rack-rewrite (1.0.2)
    rdiscount (1.6.5)
    tilt (1.1)
    tzinfo (0.3.23)
    will_paginate (3.0.pre2)
    wirble (0.1.3)

PLATFORMS
  ruby

DEPENDENCIES
  bson_ext (= 1.1.2)
  compass (~> 0.10)
  mongoid!
  mongoid_i18n
  prawn!
  rack-flash
  rack-rewrite
  rdiscount
  sinatra!
  wirble
