GIT
  remote: git://github.com/kfl62/sinatra.git
  revision: d3eb5145ad58ad71c379b7e621567ef473e5d2be
  specs:
    sinatra (1.0)
      rack (>= 1.0)

GIT
  remote: git://github.com/mongoid/mongoid
  revision: 5e6466eeb184ee082e2e9088adaaf8b424d7540f
  specs:
    mongoid (2.0.0.beta.17)
      activemodel (~> 3.0.0)
      bson (= 1.0.4)
      mongo (= 1.0.7)
      tzinfo (~> 0.3.22)
      will_paginate (~> 3.0.pre)

GEM
  remote: http://rubygems.org/
  specs:
    activemodel (3.0.0)
      activesupport (= 3.0.0)
      builder (~> 2.1.2)
      i18n (~> 0.4.1)
    activesupport (3.0.0)
    bson (1.0.4)
    bson_ext (1.0.4)
    builder (2.1.2)
    compass (0.10.5)
      haml (>= 3.0.4)
    haml (3.0.18)
    i18n (0.4.1)
    mongo (1.0.7)
      bson (>= 1.0.4)
    rack (1.2.1)
    rack-flash (0.1.1)
      rack
    tzinfo (0.3.23)
    will_paginate (3.0.pre2)

PLATFORMS
  ruby

DEPENDENCIES
  bson_ext (= 1.0.4)
  compass (~> 0.10)
  mongoid!
  rack-flash
  sinatra!
