GIT
  remote: git://github.com/kfl62/sinatra.git
  revision: 0c089a11809dd63225ad02a3139e8533b6c364b7
  specs:
    sinatra (1.1.0)
      rack (~> 1.1)
      tilt (~> 1.1)

GIT
  remote: git://github.com/mongoid/mongoid
  revision: 6854503b3892f608ad92b37f0e99eddc9f2a2d09
  specs:
    mongoid (2.0.0.beta.20)
      activemodel (~> 3.0)
      mongo (~> 1.1)
      tzinfo (~> 0.3.22)
      will_paginate (~> 3.0.pre)

GIT
  remote: git://github.com/sandal/prawn
  revision: cd81f1e61bc5acf842b52f9e1abbbd5795edb5db
  submodules: true
  specs:
    prawn (0.11.1.pre)
      pdf-reader (>= 0.8.1)

GEM
  remote: http://rubygems.org/
  specs:
    Ascii85 (1.0.0)
    activemodel (3.0.1)
      activesupport (= 3.0.1)
      builder (~> 2.1.2)
      i18n (~> 0.4.1)
    activesupport (3.0.1)
    bson (1.1.1)
    bson_ext (1.1.1)
    builder (2.1.2)
    compass (0.10.6)
      haml (>= 3.0.4)
    haml (3.0.23)
    i18n (0.4.2)
    mongo (1.1.1)
      bson (>= 1.1.1)
    mongoid_i18n (0.1.7)
      mongoid (>= 2.0.0.beta.9)
    pdf-reader (0.8.6)
      Ascii85 (>= 0.9)
    rack (1.2.1)
    rack-flash (0.1.1)
      rack
    rack-rewrite (1.0.2)
    rdiscount (1.6.5)
    tilt (1.1)
    tzinfo (0.3.23)
    will_paginate (3.0.pre2)
    wirble (0.1.3)

PLATFORMS
  ruby

DEPENDENCIES
  bson_ext (= 1.1.1)
  compass (~> 0.10)
  mongoid!
  mongoid_i18n
  prawn!
  rack-flash
  rack-rewrite
  rdiscount
  sinatra!
  wirble
