GIT
  remote: git://github.com/kfl62/sinatra.git
  revision: d3eb5145ad58ad71c379b7e621567ef473e5d2be
  specs:
    sinatra (1.0)
      rack (>= 1.0)

GIT
  remote: git://github.com/mongoid/mongoid
  revision: 835a50366d316618612ab2ddca1aec4a03a9e6a2
  specs:
    mongoid (2.0.0.beta.18)
      activemodel (~> 3.0.0)
      bson (= 1.0.7)
      mongo (= 1.0.8)
      tzinfo (~> 0.3.22)
      will_paginate (~> 3.0.pre)

GEM
  remote: http://rubygems.org/
  specs:
    activemodel (3.0.0)
      activesupport (= 3.0.0)
      builder (~> 2.1.2)
      i18n (~> 0.4.1)
    activesupport (3.0.0)
    bson (1.0.7)
    bson_ext (1.0.7)
    builder (2.1.2)
    compass (0.10.5)
      haml (>= 3.0.4)
    haml (3.0.18)
    i18n (0.4.1)
    mongo (1.0.8)
      bson (>= 1.0.5)
    mongoid_i18n (0.1.7)
      mongoid (>= 2.0.0.beta.9)
    rack (1.2.1)
    rack-flash (0.1.1)
      rack
    rack-rewrite (1.0.1)
    rdiscount (1.6.5)
    tzinfo (0.3.23)
    will_paginate (3.0.pre2)

PLATFORMS
  ruby

DEPENDENCIES
  bson_ext (= 1.0.7)
  compass (~> 0.10)
  mongoid!
  mongoid_i18n
  rack-flash
  rack-rewrite
  rdiscount
  sinatra!
