GIT
  remote: git://github.com/kfl62/mongoid_i18n.git
  revision: 3666483d458aa56d374d8708a42aedf9a69e59fe
  specs:
    mongoid_i18n (0.2.1)
      bson_ext (~> 1.2)
      bundler
      jeweler
      mocha
      mongoid (>= 2.0.0)
      mongoid (>= 2.0.0)
      rspec

GIT
  remote: git://github.com/mongoid/mongoid
  revision: 943c0b9f6a45b16c7410a8c3441c65ecd4992596
  specs:
    mongoid (2.0.1)
      activemodel (~> 3.0)
      mongo (~> 1.3)
      tzinfo (~> 0.3.22)
      will_paginate (~> 3.0.pre)

GIT
  remote: git://github.com/sandal/prawn
  revision: acac824e47352f5bf507b44a5546d55e90c91529
  specs:
    prawn (0.11.1)
      pdf-reader (>= 0.9.0)
      ttfunk (~> 1.0.0)

GIT
  remote: git://github.com/sinatra/sinatra.git
  revision: b0262b3f84f48e6e13318ce72bcdfeef29533871
  specs:
    sinatra (1.3.0)
      rack (~> 1.2)
      tilt (>= 1.2.2, < 2.0)

GIT
  remote: https://github.com/sandal/ttfunk.git
  revision: ad189671d86fb3f5799464f17f5b8b411ce384ea
  specs:
    ttfunk (1.0.1)

GEM
  remote: http://rubygems.org/
  specs:
    Ascii85 (1.0.0)
    activemodel (3.0.6)
      activesupport (= 3.0.6)
      builder (~> 2.1.2)
      i18n (~> 0.5.0)
    activesupport (3.0.6)
    bson (1.3.0)
    bson_ext (1.3.0)
    builder (2.1.2)
    compass (0.10.6)
      haml (>= 3.0.4)
    diff-lcs (1.1.2)
    git (1.2.5)
    haml (3.0.25)
    i18n (0.5.0)
    jeweler (1.5.2)
      bundler (~> 1.0.0)
      git (>= 1.2.5)
      rake
    mocha (0.9.12)
    mongo (1.3.0)
      bson (>= 1.3.0)
    pdf-reader (0.9.1)
      Ascii85 (>= 0.9)
    rack (1.2.2)
    rack-flash (0.1.1)
      rack
    rack-rewrite (1.0.2)
    rake (0.8.7)
    rdiscount (1.6.8)
    rspec (2.5.0)
      rspec-core (~> 2.5.0)
      rspec-expectations (~> 2.5.0)
      rspec-mocks (~> 2.5.0)
    rspec-core (2.5.1)
    rspec-expectations (2.5.0)
      diff-lcs (~> 1.1.2)
    rspec-mocks (2.5.0)
    tilt (1.2.2)
    tzinfo (0.3.26)
    will_paginate (3.0.pre2)
    wirble (0.1.3)

PLATFORMS
  ruby

DEPENDENCIES
  bson_ext (~> 1.1)
  compass (~> 0.10)
  mongoid!
  mongoid_i18n!
  pdf-reader (~> 0.9.0)
  prawn!
  rack-flash
  rack-rewrite
  rdiscount
  sinatra!
  ttfunk (~> 1.0.0)!
  wirble
