GIT
  remote: git://github.com/mongoid/mongoid
  revision: aed53e4e06f5f9db6915f5271be5dac5e46d7b36
  specs:
    mongoid (2.0.0.beta.20)
      activemodel (~> 3.0)
      mongo (~> 1.1)
      tzinfo (~> 0.3.22)
      will_paginate (~> 3.0.pre)

GIT
  remote: git://github.com/sandal/prawn
  revision: f7cd1c7c9629b4a897cc76bdf016ad320e52fedb
  submodules: true
  specs:
    prawn (0.11.1.pre)
      pdf-reader (>= 0.9.0)

GIT
  remote: git://github.com/sinatra/sinatra.git
  revision: 45f954fa323ce5901e2ffb5ac73f5bdc48bd13b6
  specs:
    sinatra (1.1.1)
      rack (~> 1.1)
      tilt (~> 1.1)

GEM
  remote: http://rubygems.org/
  specs:
    Ascii85 (1.0.0)
    activemodel (3.0.3)
      activesupport (= 3.0.3)
      builder (~> 2.1.2)
      i18n (~> 0.4)
    activesupport (3.0.3)
    bson (1.1.2)
    bson_ext (1.1.2)
    builder (2.1.2)
    compass (0.10.6)
      haml (>= 3.0.4)
    diff-lcs (1.1.2)
    git (1.2.5)
    haml (3.0.24)
    i18n (0.4.2)
    jeweler (1.5.1)
      bundler (~> 1.0.0)
      git (>= 1.2.5)
      rake
    mocha (0.9.9)
      rake
    mongo (1.1.2)
      bson (>= 1.1.1)
    mongoid_i18n (0.1.8)
      bson_ext
      bundler
      jeweler
      mocha
      mongoid (>= 2.0.0.beta.20)
      mongoid (>= 2.0.0.beta.9)
      rspec (>= 2.0.0.beta.8)
    pdf-reader (0.9.0)
      Ascii85 (>= 0.9)
    rack (1.2.1)
    rack-flash (0.1.1)
      rack
    rack-rewrite (1.0.2)
    rake (0.8.7)
    rdiscount (1.6.5)
    rspec (2.1.0)
      rspec-core (~> 2.1.0)
      rspec-expectations (~> 2.1.0)
      rspec-mocks (~> 2.1.0)
    rspec-core (2.1.0)
    rspec-expectations (2.1.0)
      diff-lcs (~> 1.1.2)
    rspec-mocks (2.1.0)
    tilt (1.1)
    tzinfo (0.3.23)
    will_paginate (3.0.pre2)
    wirble (0.1.3)

PLATFORMS
  ruby

DEPENDENCIES
  bson_ext (= 1.1.2)
  compass (~> 0.10)
  mongoid!
  mongoid_i18n
  prawn!
  rack-flash
  rack-rewrite
  rdiscount
  sinatra!
  wirble
