GIT
  remote: git://github.com/sandal/prawn
  revision: 5cca37e61e77411737a35707219b71bf4841de05
  specs:
    prawn (0.11.1)
      pdf-reader (>= 0.9.0)
      ttfunk (~> 1.0.0)

GIT
  remote: git://github.com/sinatra/sinatra.git
  revision: 026648d788a9b477d5ffa94a2854b92cc995ac9e
  specs:
    sinatra (1.3.0)
      rack (~> 1.2)
      tilt (>= 1.2.2, < 2.0)

GIT
  remote: https://github.com/sandal/ttfunk.git
  revision: ad189671d86fb3f5799464f17f5b8b411ce384ea
  specs:
    ttfunk (1.0.1)

GEM
  remote: http://rubygems.org/
  specs:
    Ascii85 (1.0.0)
    activemodel (3.0.5)
      activesupport (= 3.0.5)
      builder (~> 2.1.2)
      i18n (~> 0.4)
    activesupport (3.0.5)
    bson (1.2.4)
    bson_ext (1.2.4)
    builder (2.1.2)
    compass (0.10.6)
      haml (>= 3.0.4)
    diff-lcs (1.1.2)
    git (1.2.5)
    haml (3.0.25)
    i18n (0.5.0)
    jeweler (1.5.2)
      bundler (~> 1.0.0)
      git (>= 1.2.5)
      rake
    mocha (0.9.12)
    mongo (1.2.4)
      bson (>= 1.2.4)
    mongoid (2.0.0.beta.20)
      activemodel (~> 3.0)
      mongo (~> 1.1)
      tzinfo (~> 0.3.22)
      will_paginate (~> 3.0.pre)
    mongoid_i18n (0.1.8)
      bson_ext
      bundler
      jeweler
      mocha
      mongoid (>= 2.0.0.beta.20)
      mongoid (>= 2.0.0.beta.9)
      rspec (>= 2.0.0.beta.8)
    pdf-reader (0.9.1)
      Ascii85 (>= 0.9)
    rack (1.2.2)
    rack-flash (0.1.1)
      rack
    rack-rewrite (1.0.2)
    rake (0.8.7)
    rdiscount (1.6.8)
    rspec (2.5.0)
      rspec-core (~> 2.5.0)
      rspec-expectations (~> 2.5.0)
      rspec-mocks (~> 2.5.0)
    rspec-core (2.5.1)
    rspec-expectations (2.5.0)
      diff-lcs (~> 1.1.2)
    rspec-mocks (2.5.0)
    tilt (1.2.2)
    tzinfo (0.3.26)
    will_paginate (3.0.pre2)
    wirble (0.1.3)

PLATFORMS
  ruby

DEPENDENCIES
  bson_ext (~> 1.1)
  compass (~> 0.10)
  mongoid (= 2.0.0.beta.20)
  mongoid_i18n
  pdf-reader (~> 0.9.0)
  prawn!
  rack-flash
  rack-rewrite
  rdiscount
  sinatra!
  ttfunk (~> 1.0.0)!
  wirble
