GIT
  remote: git://github.com/kfl62/sinatra.git
  revision: 1a6bea572c8b1da19ab4872b33cbb9726d97fb12
  specs:
    sinatra (1.1.0)
      rack (>= 1.0)
      tilt (~> 1.1)

GIT
  remote: git://github.com/mongoid/mongoid
  revision: 17f9a110590fd37383e799c437725a76f05648ff
  specs:
    mongoid (2.0.0.beta.19)
      activemodel (~> 3.0)
      mongo (~> 1.1)
      tzinfo (~> 0.3.22)
      will_paginate (~> 3.0.pre)

GEM
  remote: http://rubygems.org/
  specs:
    activemodel (3.0.0)
      activesupport (= 3.0.0)
      builder (~> 2.1.2)
      i18n (~> 0.4.1)
    activesupport (3.0.0)
    bson (1.1)
    bson_ext (1.1)
    builder (2.1.2)
    compass (0.10.5)
      haml (>= 3.0.4)
    haml (3.0.21)
    i18n (0.4.1)
    mongo (1.1)
      bson (>= 1.0.5)
    mongoid_i18n (0.1.7)
      mongoid (>= 2.0.0.beta.9)
    rack (1.2.1)
    rack-flash (0.1.1)
      rack
    rack-rewrite (1.0.2)
    rdiscount (1.6.5)
    tilt (1.1)
    tzinfo (0.3.23)
    will_paginate (3.0.pre2)

PLATFORMS
  ruby

DEPENDENCIES
  bson_ext (= 1.1)
  compass (~> 0.10)
  mongoid!
  mongoid_i18n
  rack-flash
  rack-rewrite
  rdiscount
  sinatra!
