GIT
  remote: git://github.com/kfl62/sinatra.git
  revision: b2a73d565dff726f841f56f684bf28ddc5757e9c
  specs:
    sinatra (1.1.0)
      rack (~> 1.1)
      tilt (~> 1.1)

GIT
  remote: git://github.com/mongoid/mongoid
  revision: b1080cda54d32d3bc18e008867b33b82d64fb55b
  specs:
    mongoid (2.0.0.beta.19)
      activemodel (~> 3.0)
      mongo (~> 1.1)
      tzinfo (~> 0.3.22)
      will_paginate (~> 3.0.pre)

GEM
  remote: http://rubygems.org/
  specs:
    activemodel (3.0.1)
      activesupport (= 3.0.1)
      builder (~> 2.1.2)
      i18n (~> 0.4.1)
    activesupport (3.0.1)
    bson (1.1.1)
    bson_ext (1.1.1)
    builder (2.1.2)
    compass (0.10.5)
      haml (>= 3.0.4)
    haml (3.0.21)
    i18n (0.4.1)
    mongo (1.1.1)
      bson (>= 1.1.1)
    mongoid_i18n (0.1.7)
      mongoid (>= 2.0.0.beta.9)
    rack (1.2.1)
    rack-flash (0.1.1)
      rack
    rack-rewrite (1.0.2)
    rdiscount (1.6.5)
    tilt (1.1)
    tzinfo (0.3.23)
    will_paginate (3.0.pre2)
    wirble (0.1.3)

PLATFORMS
  ruby

DEPENDENCIES
  bson_ext (= 1.1.1)
  compass (~> 0.10)
  mongoid!
  mongoid_i18n
  rack-flash
  rack-rewrite
  rdiscount
  sinatra!
  wirble
