GIT
  remote: git://github.com/kfl62/sinatra.git
  revision: d3eb514
  specs:
    sinatra (1.0)
      rack (>= 1.0)

GEM
  remote: http://rubygems.org/
  specs:
    compass (0.10.5)
      haml (>= 3.0.4)
    haml (3.0.17)
    rack (1.2.1)

PLATFORMS
  ruby

DEPENDENCIES
  compass (~> 0.10)
  sinatra!
